GEM
  remote: https://rubygems.org/
  specs:
    json (2.10.2)
    minitest (5.25.5)
    optparse (0.6.0)

PLATFORMS
  x86_64-linux

DEPENDENCIES
  json
  minitest
  optparse

BUNDLED WITH
   2.4.10
